GEM
  remote: https://rubygems.org/
  specs:
    redis (3.1.0)

PLATFORMS
  ruby

DEPENDENCIES
  redis
